{
	"TaskName": "cvep",
	"Manufacturer": "BioSemi",
	"PowerLineFrequency": 50.0,
	"SamplingFrequency": 512.0,
	"SoftwareFilters": "n/a",
	"RecordingDuration": 666.28125,
	"RecordingType": "continuous",
	"EEGReference": "CMS/DRL",
	"EEGGround": "n/a",
	"EEGPlacementScheme": "custom",
	"EEGChannelCount": 8,
	"EOGChannelCount": 0,
	"ECGChannelCount": 0,
	"EMGChannelCount": 0,
	"TriggerChannelCount": 0,
	"ManufacturersModelName": "Biosemi ActiveTwo",
	"SoftwareVersions": "n/a",
	"HardwareFilters": "n/a",
	"TaskDescription": "Code-modulated visual evoked potentials BCI task where participants fixated on target cells in a calculator grid (offline) or keyboard layout (online) while all cells flashed with unique pseudo-random Gold code modulated bit-sequences Trial duration: 31.5s.",
	"Instructions": "Participants maintained fixation at the target cell which was cued in green for 1 s before trial onset. No feedback was given after trials in the offline experiment.",
	"InstitutionName": "Radboud University",
	"InstitutionAddress": "NL",
	"InstitutionalDepartmentName": "Donders Institute for Brain, Cognition and Behaviour",
	"CapManufacturer": "n/a",
	"CapManufacturersModelName": "n/a",
	"SubjectArtefactDescription": "n/a",
	"DeviceSerialNumber": "n/a",
	"Description": "EEG recording.",
	"MISCChannelCount": 0
}